PATH
  remote: .
  specs:
    skype (0.2.8)
      tmp_cache

GEM
  remote: https://rubygems.org/
  specs:
    minitest (5.3.5)
    rake (10.3.2)
    tmp_cache (0.1.1)

PLATFORMS
  ruby

DEPENDENCIES
  bundler (~> 1.3)
  minitest (~> 5.0)
  rake
  skype!
